GEM
  remote: https://rubygems.org/
  specs:
    backports (3.11.1)
    daemons (1.2.6)
    eventmachine (1.2.5)
    json (2.1.0)
    multi_json (1.13.1)
    mustermann (1.0.1)
    rack (2.0.3)
    rack-protection (2.0.0)
      rack
    rethinkdb (2.3.0.2)
    sinatra (2.0.0)
      mustermann (~> 1.0)
      rack (~> 2.0)
      rack-protection (= 2.0.0)
      tilt (~> 2.0)
    sinatra-contrib (2.0.0)
      backports (>= 2.0)
      multi_json
      mustermann (~> 1.0)
      rack-protection (= 2.0.0)
      sinatra (= 2.0.0)
      tilt (>= 1.3, < 3)
    slim (3.0.9)
      temple (>= 0.7.6, < 0.9)
      tilt (>= 1.3.3, < 2.1)
    temple (0.8.0)
    thin (1.7.2)
      daemons (~> 1.0, >= 1.0.9)
      eventmachine (~> 1.0, >= 1.0.4)
      rack (>= 1, < 3)
    tilt (2.0.8)

PLATFORMS
  ruby

DEPENDENCIES
  json
  rethinkdb
  sinatra (~> 2.0.0)
  sinatra-contrib (~> 2.0.0)
  slim (~> 3.0.9)
  thin

BUNDLED WITH
   1.16.1
